PATH
  remote: .
  specs:
    timdex-ruby (0.1.4)
      faraday (< 2)

GEM
  remote: https://rubygems.org/
  specs:
    byebug (5.0.0)
      columnize (= 0.9.0)
    columnize (0.9.0)
    dotenv (2.7.2)
    faraday (1.5.1)
      faraday-em_http (~> 1.0)
      faraday-em_synchrony (~> 1.0)
      faraday-excon (~> 1.1)
      faraday-httpclient (~> 1.0.1)
      faraday-net_http (~> 1.0)
      faraday-net_http_persistent (~> 1.1)
      faraday-patron (~> 1.0)
      multipart-post (>= 1.2, < 3)
      ruby2_keywords (>= 0.0.4)
    faraday-em_http (1.0.0)
    faraday-em_synchrony (1.0.0)
    faraday-excon (1.1.0)
    faraday-httpclient (1.0.1)
    faraday-net_http (1.0.1)
    faraday-net_http_persistent (1.2.0)
    faraday-patron (1.0.0)
    jwt (2.1.0)
    minitest (5.11.3)
    multipart-post (2.1.1)
    rake (10.5.0)
    ruby2_keywords (0.0.4)

PLATFORMS
  ruby

DEPENDENCIES
  bundler (~> 2)
  byebug (~> 5.0)
  dotenv (~> 2)
  jwt
  minitest (~> 5.0)
  rake (~> 10.0)
  timdex-ruby!

BUNDLED WITH
   2.0.1
