PATH
  remote: .
  specs:
    timdex-ruby (0.1.5)
      faraday (~> 0)
      jwt

GEM
  remote: https://rubygems.org/
  specs:
    byebug (5.0.0)
      columnize (= 0.9.0)
    columnize (0.9.0)
    docile (1.3.2)
    faraday (0.15.4)
      multipart-post (>= 1.2, < 3)
    json (2.2.0)
    jwt (2.1.0)
    minitest (5.11.3)
    multipart-post (2.1.1)
    rake (10.5.0)
    simplecov (0.17.0)
      docile (~> 1.1)
      json (>= 1.8, < 3)
      simplecov-html (~> 0.10.0)
    simplecov-html (0.10.2)
    timecop (0.9.1)
    vcr (5.0.0)

PLATFORMS
  ruby

DEPENDENCIES
  bundler (~> 2)
  byebug (~> 5.0)
  minitest (~> 5.0)
  rake (~> 10.0)
  simplecov
  timdex-ruby!
  timecop
  vcr

BUNDLED WITH
   2.0.2
