PATH
  remote: .
  specs:
    timdex-ruby (0.1.4)
      faraday (< 2)

GEM
  remote: https://rubygems.org/
  specs:
    byebug (5.0.0)
      columnize (= 0.9.0)
    columnize (0.9.0)
    connection_pool (2.2.5)
    dotenv (2.7.2)
    excon (0.80.1)
    faraday (1.4.0)
      faraday-excon (~> 1.0)
      faraday-net_http (~> 1.0)
      faraday-net_http_persistent (~> 1.0)
      multipart-post (>= 1.2, < 3)
      ruby2_keywords (>= 0.0.4)
    faraday-excon (1.0.0)
      excon (>= 0.27.4)
    faraday-net_http (1.0.1)
    faraday-net_http_persistent (1.0.3)
      net-http-persistent (>= 3.1)
    jwt (2.1.0)
    minitest (5.11.3)
    multipart-post (2.1.1)
    net-http-persistent (4.0.1)
      connection_pool (~> 2.2)
    rake (10.5.0)
    ruby2_keywords (0.0.4)

PLATFORMS
  ruby

DEPENDENCIES
  bundler (~> 2)
  byebug (~> 5.0)
  dotenv (~> 2)
  jwt
  minitest (~> 5.0)
  rake (~> 10.0)
  timdex-ruby!

BUNDLED WITH
   2.0.1
